PATH
  remote: .
  specs:
    dorian-release (0.1.1)

GEM
  remote: https://rubygems.org/
  specs:

PLATFORMS
  arm64-darwin-23
  ruby

DEPENDENCIES
  dorian-release!

RUBY VERSION
   ruby 3.3.0p0

BUNDLED WITH
   2.5.6
